GEM
  remote: https://rubygems.org/
  specs:
    yaz0 (0.4.2)

PLATFORMS
  x86_64-linux

DEPENDENCIES
  yaz0 (~> 0.4)

BUNDLED WITH
   2.3.19
