GEM
  remote: https://rubygems.org/
  specs:
    nokogiri (1.13.8-x86_64-linux)
      racc (~> 1.4)
    racc (1.6.0)
    ruby-elf (1.0.8)
    thread (0.2.2)
    warning (1.3.0)
    yaz0 (0.4.2)

PLATFORMS
  x86_64-linux

DEPENDENCIES
  nokogiri
  ruby-elf (~> 1.0)
  thread
  warning
  yaz0 (~> 0.4)

BUNDLED WITH
   2.3.19
